GEM
  remote: https://rubygems.org/
  specs:
    activemodel (5.1.5)
      activesupport (= 5.1.5)
    activerecord (5.1.5)
      activemodel (= 5.1.5)
      activesupport (= 5.1.5)
      arel (~> 8.0)
    activesupport (5.1.5)
      concurrent-ruby (~> 1.0, >= 1.0.2)
      i18n (~> 0.7)
      minitest (~> 5.1)
      tzinfo (~> 1.1)
    aes_key_wrap (1.1.0)
    arel (8.0.0)
    attr_required (1.0.1)
    bcrypt (3.1.16)
    bindata (2.4.8)
    concurrent-ruby (1.1.7)
    database_cleaner (1.8.5)
    diff-lcs (1.4.4)
    docile (1.3.2)
    erubi (1.9.0)
    ffi (1.13.1)
    httpclient (2.8.3)
    i18n (0.9.5)
      concurrent-ruby (~> 1.0)
    json-jwt (1.13.0)
      activesupport (>= 4.2)
      aes_key_wrap
      bindata
    mail (2.7.1)
      mini_mime (>= 0.1.1)
    mime-types (3.3.1)
      mime-types-data (~> 3.2015)
    mime-types-data (3.2020.0512)
    mini_mime (1.0.2)
    minitest (5.14.2)
    moneta (1.1.1)
    mustermann (1.1.1)
      ruby2_keywords (~> 0.0.1)
    padrino (0.15.0)
      padrino-admin (= 0.15.0)
      padrino-cache (= 0.15.0)
      padrino-core (= 0.15.0)
      padrino-gen (= 0.15.0)
      padrino-helpers (= 0.15.0)
      padrino-mailer (= 0.15.0)
      padrino-support (= 0.15.0)
    padrino-admin (0.15.0)
      padrino-core (= 0.15.0)
      padrino-helpers (= 0.15.0)
    padrino-cache (0.15.0)
      moneta (~> 1.1.0)
      padrino-core (= 0.15.0)
      padrino-helpers (= 0.15.0)
    padrino-core (0.15.0)
      padrino-support (= 0.15.0)
      sinatra (>= 2.0.0)
      thor (~> 0.18)
    padrino-gen (0.15.0)
      bundler (>= 1.0, < 3)
      padrino-core (= 0.15.0)
    padrino-helpers (0.15.0)
      i18n (>= 0.6.7, < 2)
      padrino-support (= 0.15.0)
      tilt (>= 1.4.1, < 3)
    padrino-mailer (0.15.0)
      mail (~> 2.5)
      mime-types (< 4)
      padrino-core (= 0.15.0)
    padrino-support (0.15.0)
    pg (1.2.3)
    rack (2.2.3)
    rack-oauth2 (1.9.3)
      activesupport
      attr_required
      httpclient
      json-jwt (>= 1.9.0)
      rack
    rack-protection (2.1.0)
      rack
    rack-test (1.1.0)
      rack (>= 1.0, < 3)
    rake (13.0.1)
    rb-fsevent (0.10.4)
    rb-inotify (0.10.1)
      ffi (~> 1.0)
    rspec (3.9.0)
      rspec-core (~> 3.9.0)
      rspec-expectations (~> 3.9.0)
      rspec-mocks (~> 3.9.0)
    rspec-core (3.9.3)
      rspec-support (~> 3.9.3)
    rspec-expectations (3.9.2)
      diff-lcs (>= 1.2.0, < 2.0)
      rspec-support (~> 3.9.0)
    rspec-mocks (3.9.1)
      diff-lcs (>= 1.2.0, < 2.0)
      rspec-support (~> 3.9.0)
    rspec-support (3.9.3)
    ruby2_keywords (0.0.2)
    sass (3.7.4)
      sass-listen (~> 4.0.0)
    sass-listen (4.0.0)
      rb-fsevent (~> 0.9, >= 0.9.4)
      rb-inotify (~> 0.9, >= 0.9.7)
    settingslogic (2.0.9)
    simplecov (0.19.0)
      docile (~> 1.1)
      simplecov-html (~> 0.11)
    simplecov-html (0.12.3)
    sinatra (2.1.0)
      mustermann (~> 1.0)
      rack (~> 2.2)
      rack-protection (= 2.1.0)
      tilt (~> 2.0)
    thor (0.20.3)
    thread_safe (0.3.6)
    tilt (2.0.10)
    tzinfo (1.2.7)
      thread_safe (~> 0.1)
    will_paginate (3.3.0)

PLATFORMS
  ruby

DEPENDENCIES
  activerecord (= 5.1.5)
  bcrypt
  database_cleaner
  erubi (~> 1.6)
  padrino (= 0.15.0)
  pg
  rack-oauth2 (~> 1.9.1)
  rack-test
  rake
  rspec
  sass
  settingslogic
  simplecov
  will_paginate (~> 3.0)

RUBY VERSION
   ruby 2.5.7p206

BUNDLED WITH
   2.1.4
